GEM
  remote: https://rubygems.org/
  specs:
    json (1.8.3)
    rake (10.4.2)
    rake-builder (0.8.0)
      json
      rake

PLATFORMS
  ruby

DEPENDENCIES
  rake (~> 10.4)
  rake-builder (~> 0.8)
